GEM
  remote: https://rubygems.org/
  specs:
    ashikawa-core (0.14.0)
      equalizer (~> 0.0.8)
      faraday (~> 0.9.0)
      faraday_middleware (~> 0.9.1)
    bundle (0.0.1)
      bundler
    equalizer (0.0.9)
    faraday (0.9.1)
      multipart-post (>= 1.2, < 3)
    faraday_middleware (0.9.1)
      faraday (>= 0.7.4, < 0.10)
    json (1.8.2)
    multipart-post (2.0.0)
    rack (1.6.0)
    rack-protection (1.5.3)
      rack
    rake (10.4.2)
    redis (3.2.0)
    shotgun (0.9.1)
      rack (>= 1.0)
    sinatra (1.4.5)
      rack (~> 1.4)
      rack-protection (~> 1.4)
      tilt (~> 1.3, >= 1.3.4)
    tilt (1.4.1)
    yell (2.0.5)

PLATFORMS
  ruby

DEPENDENCIES
  ashikawa-core
  bundle
  json (~> 1.8.2)
  rack
  rake
  redis
  shotgun
  sinatra
  yell
